GIT
  remote: git://github.com/sinatra/sinatra-contrib.git
  revision: 1aed2897edebbea5e18a5772af9e060a689013fe
  specs:
    sinatra-contrib (1.4.0)
      backports (>= 2.0)
      eventmachine
      rack-protection
      rack-test
      sinatra (~> 1.4.0)
      tilt (~> 1.3)

GIT
  remote: git://github.com/sinatra/sinatra.git
  revision: c7aa44f01f24ba0f03d625a5a11497e634420bd3
  specs:
    sinatra (1.4.2)
      rack (~> 1.4)
      rack-protection (~> 1.4)
      tilt (~> 1.3, >= 1.3.4)

GEM
  remote: https://rubygems.org/
  specs:
    backports (3.3.1)
    eventmachine (1.0.3)
    minitest (5.0.3)
    rack (1.5.2)
    rack-protection (1.5.0)
      rack
    rack-test (0.6.2)
      rack (>= 1.0)
    rake (10.0.4)
    tilt (1.4.1)

PLATFORMS
  ruby

DEPENDENCIES
  minitest
  rack-test
  rake
  sinatra!
  sinatra-contrib!
